GEM
  remote: http://rubygems.org/
  specs:
    addressable (2.4.0)
    ansi (1.4.3)
    builder (3.2.3)
    descendants_tracker (0.0.4)
      thread_safe (~> 0.3, >= 0.3.1)
    faraday (0.9.2)
      multipart-post (>= 1.2, < 3)
    git (1.3.0)
    github_api (0.17.0)
      addressable (~> 2.4.0)
      descendants_tracker (~> 0.0.4)
      faraday (~> 0.8, < 0.10)
      hashie (>= 3.4)
      mime-types (>= 1.16, < 3.0)
      oauth2 (~> 1.0)
    hashie (3.5.6)
    highline (1.7.8)
    jeweler (1.8.5)
      builder
      bundler (~> 1.0)
      git (>= 1.2.5)
      github_api (>= 0.8.1)
      highline (>= 1.6.15)
      nokogiri (= 1.5.10)
      rake
      rdoc
    json (1.8.6)
    jwt (1.5.6)
    mime-types (2.99.3)
    minitest (5.11.3)
    multi_json (1.3.6)
    multi_xml (0.6.0)
    multipart-post (2.0.0)
    nokogiri (1.5.10)
    oauth2 (1.4.0)
      faraday (>= 0.8, < 0.13)
      jwt (~> 1.0)
      multi_json (~> 1.3)
      multi_xml (~> 0.5)
      rack (>= 1.2, < 3)
    rack (2.0.3)
    rake (12.1.0)
    rdoc (3.12.2)
      json (~> 1.4)
    simplecov (0.6.4)
      multi_json (~> 1.0)
      simplecov-html (~> 0.5.3)
    simplecov-html (0.5.3)
    thread_safe (0.3.6)
    turn (0.9.6)
      ansi

PLATFORMS
  ruby

DEPENDENCIES
  jeweler (~> 1.8.4)
  minitest
  rake
  rdoc (~> 3.12, >= 3.12.1)
  simplecov
  turn

BUNDLED WITH
   1.16.6
